GEM
  remote: https://rubygems.org/
  specs:
    addressable (2.3.4)
    arrayfields (4.9.0)
    aws (2.9.1)
      http_connection
      uuidtools
      xml-simple
    bcrypt-ruby (3.0.1)
    diff-lcs (1.2.4)
    dm-aggregates (1.2.0)
      dm-core (~> 1.2.0)
    dm-core (1.2.1)
      addressable (~> 2.3)
    dm-migrations (1.2.0)
      dm-core (~> 1.2.0)
    dm-types (1.2.2)
      bcrypt-ruby (~> 3.0)
      dm-core (~> 1.2.0)
      fastercsv (~> 1.5)
      json (~> 1.6)
      multi_json (~> 1.0)
      stringex (~> 1.4)
      uuidtools (~> 2.1)
    dm-validations (1.2.0)
      dm-core (~> 1.2.0)
    fastercsv (1.5.5)
    fattr (2.2.1)
    git (1.2.5)
    http_connection (1.4.4)
    jeweler (1.8.4)
      bundler (~> 1.0)
      git (>= 1.2.5)
      rake
      rdoc
    json (1.8.0)
    main (4.7.1)
    multi_json (1.7.6)
    rake (10.0.4)
    rdoc (4.0.1)
      json (~> 1.4)
    rspec (2.13.0)
      rspec-core (~> 2.13.0)
      rspec-expectations (~> 2.13.0)
      rspec-mocks (~> 2.13.0)
    rspec-core (2.13.1)
    rspec-expectations (2.13.0)
      diff-lcs (>= 1.1.3, < 2.0)
    rspec-mocks (2.13.1)
    sdbtools (0.5.0)
      arrayfields (~> 4.7)
      aws (~> 2.1)
      fattr (~> 2.1)
      main (~> 4.2)
    simplecov (0.7.1)
      multi_json (~> 1.0)
      simplecov-html (~> 0.7.1)
    simplecov-html (0.7.1)
    stringex (1.5.1)
    uuidtools (2.1.4)
    xml-simple (1.1.2)

PLATFORMS
  ruby

DEPENDENCIES
  aws (~> 2.1)
  bundler (~> 1.3.5)
  dm-aggregates (~> 1.2)
  dm-core (~> 1.2)
  dm-migrations (~> 1.2)
  dm-types (~> 1.2)
  dm-validations (~> 1.2)
  jeweler
  rake
  rspec
  sdbtools (~> 0.5.0)
  simplecov
  uuidtools (~> 2.0)
